GEM
  remote: https://rubygems.org/
  specs:
    rainbow (3.0.0)

PLATFORMS
  x86_64-linux

DEPENDENCIES
  rainbow (~> 3.0)

BUNDLED WITH
   2.2.22
